GEM
  remote: http://rubygems.org/
  specs:
    bluecloth (2.2.0)
    diff-lcs (1.1.3)
    domain (1.0.0.rc3)
    rake (10.0.3)
    rspec (2.12.0)
      rspec-core (~> 2.12.0)
      rspec-expectations (~> 2.12.0)
      rspec-mocks (~> 2.12.0)
    rspec-core (2.12.2)
    rspec-expectations (2.12.1)
      diff-lcs (~> 1.1.3)
    rspec-mocks (2.12.2)
    wlang (0.10.2)
    yard (0.7.4)

PLATFORMS
  java
  ruby

DEPENDENCIES
  bluecloth (~> 2.2)
  domain (~> 1.0.0.rc3)
  rake (~> 10.0)
  rspec (~> 2.10)
  wlang (~> 0.10.2)
  yard (~> 0.7.4)
