GEM
  remote: http://rubygems.org/
  specs:
    bluecloth (2.2.0)
    diff-lcs (1.5.1)
    domain (1.0.0)
    rake (13.2.1)
    rspec (3.13.0)
      rspec-core (~> 3.13.0)
      rspec-expectations (~> 3.13.0)
      rspec-mocks (~> 3.13.0)
    rspec-core (3.13.0)
      rspec-support (~> 3.13.0)
    rspec-expectations (3.13.1)
      diff-lcs (>= 1.2.0, < 2.0)
      rspec-support (~> 3.13.0)
    rspec-mocks (3.13.1)
      diff-lcs (>= 1.2.0, < 2.0)
      rspec-support (~> 3.13.0)
    rspec-support (3.13.1)
    wlang (0.10.2)
    yard (0.9.36)

PLATFORMS
  java
  ruby

DEPENDENCIES
  bluecloth (~> 2.2)
  domain (~> 1.0)
  rake (~> 13.0)
  rspec (~> 3.13)
  wlang (~> 0.10.2)
  yard (~> 0.9.36)

BUNDLED WITH
   2.5.15
